GEM
  remote: https://rubygems.org/
  specs:
    haddock (0.2.2)
    rack (1.5.2)
    rack-protection (1.5.1)
      rack
    rack-ssl-enforcer (0.2.6)
    sinatra (1.4.4)
      rack (~> 1.4)
      rack-protection (~> 1.4)
      tilt (~> 1.3, >= 1.3.4)
    tilt (1.4.1)

PLATFORMS
  ruby
  x86-mingw32

DEPENDENCIES
  haddock
  rack-ssl-enforcer
  sinatra
